PATH
  remote: .
  specs:
    fuubar (2.1.0.beta2)
      rspec (~> 3.0, <= 3.5.0.beta9)
      ruby-progressbar (~> 1.4)

GEM
  remote: http://rubygems.org/
  specs:
    chamber (2.8.0)
      hashie (~> 3.3)
      thor (~> 0.19.1)
    diff-lcs (1.2.5)
    hashie (3.4.0)
    rake (10.0.4)
    rspec (3.0.0)
      rspec-core (~> 3.0.0)
      rspec-expectations (~> 3.0.0)
      rspec-mocks (~> 3.0.0)
    rspec-core (3.0.3)
      rspec-support (~> 3.0.0)
    rspec-expectations (3.0.3)
      diff-lcs (>= 1.2.0, < 2.0)
      rspec-support (~> 3.0.0)
    rspec-mocks (3.0.3)
      rspec-support (~> 3.0.0)
    rspec-support (3.0.3)
    ruby-progressbar (1.5.1)
    thor (0.19.1)

PLATFORMS
  ruby

DEPENDENCIES
  chamber
  fuubar!
  rake
